GEM
  remote: https://rubygems.org/
  specs:
    colorize (0.8.1)
    curses (1.0.2)
    ruby-terminfo (0.1.1)

PLATFORMS
  ruby

DEPENDENCIES
  colorize
  curses
  ruby-terminfo

BUNDLED WITH
   1.12.5
